PATH
  remote: .
  specs:
    resque-multi-job-forks (0.5.3)
      json
      resque (>= 1.27.0, < 2.2)

GEM
  remote: http://rubygems.org/
  specs:
    json (2.5.1)
    mono_logger (1.1.1)
    multi_json (1.15.0)
    mustermann (1.1.1)
      ruby2_keywords (~> 0.0.1)
    power_assert (1.1.1)
    rack (2.2.3)
    rack-protection (2.1.0)
      rack
    rake (12.3.2)
    redis (4.4.0)
    redis-namespace (1.8.1)
      redis (>= 3.0.4)
    resque (2.1.0)
      mono_logger (~> 1.0)
      multi_json (~> 1.0)
      redis-namespace (~> 1.6)
      sinatra (>= 0.9.2)
      vegas (~> 0.1.2)
    ruby2_keywords (0.0.5)
    sinatra (2.1.0)
      mustermann (~> 1.0)
      rack (~> 2.2)
      rack-protection (= 2.1.0)
      tilt (~> 2.0)
    test-unit (3.2.7)
      power_assert
    tilt (2.0.10)
    vegas (0.1.11)
      rack (>= 1.0.0)

PLATFORMS
  ruby

DEPENDENCIES
  bundler
  rake
  resque-multi-job-forks!
  test-unit

BUNDLED WITH
   2.1.4
