PATH
  remote: .
  specs:
    resque-multi-job-forks (0.4.2)
      json
      resque (~> 1.22)

GEM
  remote: http://rubygems.org/
  specs:
    json (1.8.1)
    mono_logger (1.1.0)
    multi_json (1.9.2)
    rack (1.5.2)
    rack-protection (1.5.2)
      rack
    rake (0.8.7)
    redis (3.0.7)
    redis-namespace (1.4.1)
      redis (~> 3.0.4)
    resque (1.25.2)
      mono_logger (~> 1.0)
      multi_json (~> 1.0)
      redis-namespace (~> 1.3)
      sinatra (>= 0.9.2)
      vegas (~> 0.1.2)
    sinatra (1.4.4)
      rack (~> 1.4)
      rack-protection (~> 1.4)
      tilt (~> 1.3, >= 1.3.4)
    tilt (1.4.1)
    vegas (0.1.11)
      rack (>= 1.0.0)

PLATFORMS
  ruby

DEPENDENCIES
  bundler
  rake
  resque-multi-job-forks!
